GEM
  remote: https://rubygems.org/
  specs:
    alsa-rawmidi (0.3.1)
      ffi (~> 1.0)
    coderay (1.1.0)
    ffi (1.9.6)
    ffi-coremidi (0.3.5)
      ffi (~> 1.0)
    method_source (0.8.2)
    midi-jruby (0.1.4)
    midi-winmm (0.1.10)
      ffi (>= 1.0)
    pry (0.10.1)
      coderay (~> 1.1.0)
      method_source (~> 0.8.1)
      slop (~> 3.4)
    slop (3.6.0)
    unimidi (0.4.5)
      alsa-rawmidi (~> 0)
      ffi-coremidi (~> 0)
      midi-jruby (~> 0)
      midi-winmm (~> 0)

PLATFORMS
  ruby

DEPENDENCIES
  pry
  unimidi
